GEM
  remote: https://rubygems.org/
  specs:
    coderay (1.1.3)
    faraday (1.1.0)
      multipart-post (>= 1.2, < 3)
      ruby2_keywords
    io-console (0.5.6)
    irb (1.2.7)
      reline (>= 0.1.5)
    liquid (4.0.3)
    method_source (1.0.0)
    multipart-post (2.1.1)
    pry (0.13.1)
      coderay (~> 1.1)
      method_source (~> 1.0)
    rake (13.0.1)
    redis (4.2.2)
    reline (0.1.6)
      io-console (~> 0.5)
    ruby2_keywords (0.0.2)

PLATFORMS
  ruby

DEPENDENCIES
  faraday
  irb
  liquid
  pry
  rake
  redis

RUBY VERSION
   ruby 2.7.2p137

BUNDLED WITH
   2.1.4
